{
  "AcquisitionDuration": 850.537,
  "AcquisitionMatrixPE": 150,
  "AcquisitionNumber": 1,
  "AcquisitionTime": "12:41:44.995000",
  "BandwidthPerPixelPhaseEncode": 26.316,
  "BaseResolution": 150,
  "BodyPartExamined": "BRAIN",
  "CoilCombinationMethod": "Adaptive Combine",
  "CoilString": "HeadNeck_64",
  "ConversionSoftware": "dcm2niix",
  "ConversionSoftwareVersion": "v1.0.20220720",
  "DerivedVendorReportedEchoSpacing": 0.000759994,
  "DeviceSerialNumber": "66054",
  "DiffusionScheme": "Monopolar",
  "DwellTime": 2.2e-06,
  "EchoTime": 0.074,
  "EchoTrainLength": 44,
  "EffectiveEchoSpacing": 0.000253331,
  "FlipAngle": 90,
  "HeudiconvVersion": "0.11.6",
  "ImageOrientationPatientDICOM": [1, 0, 0, 0, 1, 0],
  "ImageType": [
    "ORIGINAL",
    "PRIMARY",
    "DIFFUSION",
    "NONE"
],
  "ImageTypeText": [
    "ORIGINAL",
    "PRIMARY",
    "DIFFUSION",
    "NONE",
    "ND"
],
  "ImagingFrequency": 123.226,
  "InPlanePhaseEncodingDirectionDICOM": "COL",
  "InstitutionAddress": "Chemin des Mines 9,Geneve,District,CH,1211",
  "InstitutionName": "Fondation Campus Biotech Geneva",
  "MRAcquisitionType": "2D",
  "MTState": false,
  "MagneticFieldStrength": 3,
  "Manufacturer": "Siemens",
  "ManufacturersModelName": "MAGNETOM Prisma",
  "Modality": "MR",
  "MultibandAccelerationFactor": 2,
  "NonlinearGradientCorrection": false,
  "ParallelAcquisitionTechnique": "SMS",
  "ParallelReductionFactorInPlane": 3,
  "PartialFourier": 0.875,
  "PartialFourierDirection": "PHASE",
  "PatientPosition": "HFS",
  "PercentPhaseFOV": 100,
  "PercentSampling": 100,
  "PhaseEncodingDirection": "j-",
  "PhaseResolution": 1,
  "PixelBandwidth": 1515,
  "ProcedureStepDescription": "N.Golestani Al_Ir",
  "ProtocolName": "dwi_acq-B2850x1D5MMISO_afid-beta",
  "PulseSequenceDetails": "%SiemensSeq%\\ep2d_diff",
  "PulseSequenceName": "*epse2d1_150",
  "ReceiveCoilActiveElements": "HC1-6",
  "ReceiveCoilName": "HeadNeck_64",
  "ReconMatrixPE": 150,
  "RefLinesPE": 45,
  "RepetitionTime": 6.7,
  "ScanOptions": "PFP\\FS",
  "ScanningSequence": "EP",
  "SequenceVariant": "SK\\SP",
  "SeriesDescription": "dwi_acq-B2850x1D5MMISO_afid-beta",
  "SeriesNumber": 55,
  "ShimSetting": [-1289, -11672, 6283, 422, 251, 35, -93, 91],
  "SliceThickness": 1.5,
  "SliceTiming": [0, 3.41, 0.14, 3.5525, 0.2825, 3.695, 0.425, 3.8375, 0.5675, 3.9775, 0.71, 4.12, 0.8525, 4.2625, 0.995, 4.405, 1.135, 4.5475, 1.2775, 4.69, 1.42, 4.83, 1.5625, 4.9725, 1.705, 5.115, 1.8475, 5.2575, 1.9875, 5.4, 2.13, 5.5425, 2.2725, 5.685, 2.415, 5.825, 2.5575, 5.9675, 2.7, 6.11, 2.8425, 6.2525, 2.9825, 6.395, 3.125, 6.5375, 3.2675, 0, 3.41, 0.14, 3.5525, 0.2825, 3.695, 0.425, 3.8375, 0.5675, 3.9775, 0.71, 4.12, 0.8525, 4.2625, 0.995, 4.405, 1.135, 4.5475, 1.2775, 4.69, 1.42, 4.83, 1.5625, 4.9725, 1.705, 5.115, 1.8475, 5.2575, 1.9875, 5.4, 2.13, 5.5425, 2.2725, 5.685, 2.415, 5.825, 2.5575, 5.9675, 2.7, 6.11, 2.8425, 6.2525, 2.9825, 6.395, 3.125, 6.5375, 3.2675],
  "SoftwareVersions": "syngo MR XA30",
  "SpacingBetweenSlices": 1.5,
  "StationName": "AWP66054",
  "TotalReadoutTime": 0.0377464,
  "TxRefAmp": 222.601}