{
    "AcquisitionMatrixPE": 92,
    "AcquisitionNumber": 1,
    "AcquisitionTime": "17:21:57.787500",
    "BaseResolution": 92,
    "BodyPartExamined": "BRAIN",
    "CoilCombinationMethod": "Sum of Squares",
    "CoilString": "HeadNeck_64",
    "ConversionSoftware": "dcm2niix",
    "ConversionSoftwareVersion": "v1.0.20220505",
    "DeviceSerialNumber": "66054",
    "EchoNumber": 2,
    "EchoTime": 0.00738,
    "EchoTime1": 0.00492,
    "EchoTime2": 0.00738,
    "FlipAngle": 60,
    "HeudiconvVersion": "0.11.6.post31+g24f4d88",
    "ImageOrientationPatientDICOM": [
        1,
        9.88518e-08,
        9.95102e-07,
        -4.887e-12,
        0.995103,
        -0.098847
    ],
    "ImageType": [
        "ORIGINAL",
        "PRIMARY",
        "P",
        "NONE",
        "PHASE"
    ],
    "ImagingFrequency": 123.226,
    "InPlanePhaseEncodingDirectionDICOM": "ROW",
    "InstitutionAddress": "Chemin des Mines 9,Geneve,District,CH,1211",
    "InstitutionName": "Fondation Campus Biotech Geneva",
    "IntendedFor": [
        "bids::sub-pp171/ses-01/func/sub-pp171_ses-01_task-rest_run-001_bold.nii.gz",
        "bids::sub-pp171/ses-01/func/sub-pp171_ses-01_task-aliceloc_run-001_bold.nii.gz",
        "bids::sub-pp171/ses-01/func/sub-pp171_ses-01_task-aliceloc_run-002_bold.nii.gz",
        "bids::sub-pp171/ses-01/func/sub-pp171_ses-01_task-aliceloc_run-003_bold.nii.gz"
    ],
    "MRAcquisitionType": "2D",
    "MTState": false,
    "MagneticFieldStrength": 3,
    "Manufacturer": "Siemens",
    "ManufacturersModelName": "MAGNETOM Prisma",
    "MatrixCoilMode": "SENSE",
    "Modality": "MR",
    "PartialFourier": 1,
    "PatientPosition": "HFS",
    "PercentPhaseFOV": 100,
    "PercentSampling": 100,
    "PhaseEncodingDirection": "i",
    "PhaseResolution": 1,
    "PixelBandwidth": 597,
    "ProcedureStepDescription": "N.Golestani Al_Ir",
    "ProtocolName": "fmap_fid-alpha",
    "PulseSequenceDetails": "%SiemensSeq%\\gre_field_mapping",
    "ReceiveCoilActiveElements": "HC1-6",
    "ReceiveCoilName": "HeadNeck_64",
    "ReconMatrixPE": 92,
    "RepetitionTime": 0.707,
    "ScanningSequence": "GR",
    "SequenceVariant": "SP",
    "SeriesDescription": "fmap_fid-alpha",
    "SeriesNumber": 28,
    "ShimSetting": [
        -1285,
        -11656,
        6366,
        307,
        268,
        -103,
        -55,
        72
    ],
    "SliceThickness": 2,
    "SliceTiming": [
        0.355,
        0,
        0.365,
        0.01,
        0.375,
        0.02,
        0.3825,
        0.03,
        0.3925,
        0.04,
        0.4025,
        0.05,
        0.4125,
        0.06,
        0.4225,
        0.07,
        0.4325,
        0.08,
        0.4425,
        0.09,
        0.4525,
        0.1,
        0.4625,
        0.11,
        0.4725,
        0.12,
        0.4825,
        0.1275,
        0.4925,
        0.1375,
        0.5025,
        0.1475,
        0.51,
        0.1575,
        0.52,
        0.1675,
        0.53,
        0.1775,
        0.54,
        0.1875,
        0.55,
        0.1975,
        0.56,
        0.2075,
        0.57,
        0.2175,
        0.58,
        0.2275,
        0.59,
        0.2375,
        0.6,
        0.2475,
        0.61,
        0.255,
        0.62,
        0.265,
        0.63,
        0.275,
        0.64,
        0.285,
        0.6475,
        0.295,
        0.6575,
        0.305,
        0.6675,
        0.315,
        0.6775,
        0.325,
        0.6875,
        0.335,
        0.6975,
        0.345
    ],
    "SoftwareVersions": "syngo MR XA30",
    "SpacingBetweenSlices": 2,
    "StationName": "AWP66054",
    "TxRefAmp": 238.366
}