{
  "AcquisitionDuration": 611.897,
  "AcquisitionMatrixPE": 112,
  "AcquisitionNumber": 1,
  "AcquisitionTime": "10:45:58.112500",
  "BandwidthPerPixelPhaseEncode": 16.234,
  "BaseResolution": 112,
  "BodyPartExamined": "BRAIN",
  "CoilCombinationMethod": "Sum of Squares",
  "CoilString": "HeadNeck_64",
  "ConversionSoftware": "dcm2niix",
  "ConversionSoftwareVersion": "v1.0.20220720",
  "DerivedVendorReportedEchoSpacing": 0.000549992,
  "DeviceSerialNumber": "66054",
  "DwellTime": 1.8e-06,
  "EchoTime": 0.032,
  "EchoTrainLength": 98,
  "EffectiveEchoSpacing": 0.000549992,
  "FlipAngle": 75,
  "HeudiconvVersion": "0.11.6",
  "ImageOrientationPatientDICOM": [0.998454, 0.0128779, 0.0540655, -1.93697e-08, 0.972785, -0.231708],
  "ImageType": [
    "ORIGINAL",
    "PRIMARY",
    "FMRI",
    "NONE"
],
  "ImageTypeText": [
    "ORIGINAL",
    "PRIMARY",
    "M",
    "ND",
    "NORM"
],
  "ImagingFrequency": 123.226,
  "InPlanePhaseEncodingDirectionDICOM": "COL",
  "InstitutionAddress": "Chemin des Mines 9,Geneve,District,CH,1211",
  "InstitutionName": "Fondation Campus Biotech Geneva",
  "MRAcquisitionType": "2D",
  "MTState": false,
  "MagneticFieldStrength": 3,
  "Manufacturer": "Siemens",
  "ManufacturersModelName": "MAGNETOM Prisma",
  "Modality": "MR",
  "MultibandAccelerationFactor": 3,
  "NonlinearGradientCorrection": false,
  "ParallelAcquisitionTechnique": "SMS",
  "PartialFourier": 0.875,
  "PartialFourierDirection": "PHASE",
  "PatientPosition": "HFS",
  "PercentPhaseFOV": 100,
  "PercentSampling": 100,
  "PhaseEncodingDirection": "j-",
  "PhaseResolution": 1,
  "PixelBandwidth": 2480,
  "ProcedureStepDescription": "N.Golestani Al_Ir",
  "ProtocolName": "func-bold_afid-alpha_task-rest",
  "PulseSequenceDetails": "%SiemensSeq%\\ep2d_bold",
  "PulseSequenceName": "*epfid2d1_112",
  "ReceiveCoilActiveElements": "HC1-7",
  "ReceiveCoilName": "HeadNeck_64",
  "ReconMatrixPE": 112,
  "RefLinesPE": 23,
  "RepetitionTime": 2,
  "ScanOptions": "PFP\\FS",
  "ScanningSequence": "EP",
  "SequenceVariant": "SK",
  "SeriesDescription": "func-bold_afid-alpha_task-rest",
  "SeriesNumber": 24,
  "ShimSetting": [-1292, -11672, 6424, 501, 230, -99, 69, 60],
  "SliceThickness": 2,
  "SliceTiming": [1.4825, 0, 0.9875, 0.0825, 1.07, 0.165, 1.1525, 0.245, 1.235, 0.3275, 1.3175, 0.41, 1.4, 0.575, 1.565, 0.6575, 1.6475, 0.74, 1.73, 0.8225, 1.8125, 0.905, 1.895, 0.4925, 1.4825, 0, 0.9875, 0.0825, 1.07, 0.165, 1.1525, 0.245, 1.235, 0.3275, 1.3175, 0.41, 1.4, 0.575, 1.565, 0.6575, 1.6475, 0.74, 1.73, 0.8225, 1.8125, 0.905, 1.895, 0.4925, 1.4825, 0, 0.9875, 0.0825, 1.07, 0.165, 1.1525, 0.245, 1.235, 0.3275, 1.3175, 0.41, 1.4, 0.575, 1.565, 0.6575, 1.6475, 0.74, 1.73, 0.8225, 1.8125, 0.905, 1.895, 0.4925],
  "SoftwareVersions": "syngo MR XA30",
  "SpacingBetweenSlices": 2,
  "StationName": "AWP66054",
  "TaskName": "rest",
  "TotalReadoutTime": 0.0610491,
  "TxRefAmp": 231.223}