{
  "AcquisitionMatrixPE": 112,
  "AcquisitionNumber": 1,
  "AcquisitionTime": "15:37:24.727500",
  "BandwidthPerPixelPhaseEncode": 16.234,
  "BaseResolution": 112,
  "BodyPartExamined": "BRAIN",
  "CoilCombinationMethod": "Sum of Squares",
  "CoilString": "HeadNeck_64",
  "ConversionSoftware": "dcm2niix",
  "ConversionSoftwareVersion": "v1.0.20220505",
  "DerivedVendorReportedEchoSpacing": 0.000549992,
  "DeviceSerialNumber": "66054",
  "EchoTime": 0.032,
  "EchoTrainLength": 98,
  "EffectiveEchoSpacing": 0.000549992,
  "FlipAngle": 75,
  "HeudiconvVersion": "0.11.6.post31+g24f4d88",
  "ImageOrientationPatientDICOM": [0.997018, 0.00144061, -0.0771536, -7.97329e-09, 0.999826, 0.0186687],
  "ImageType": [
    "ORIGINAL",
    "PRIMARY",
    "FMRI",
    "NONE"
],
  "ImagingFrequency": 123.226,
  "InPlanePhaseEncodingDirectionDICOM": "COL",
  "InstitutionAddress": "Chemin des Mines 9,Geneve,District,CH,1211",
  "InstitutionName": "Fondation Campus Biotech Geneva",
  "MRAcquisitionType": "2D",
  "MTState": false,
  "MagneticFieldStrength": 3,
  "Manufacturer": "Siemens",
  "ManufacturersModelName": "MAGNETOM Prisma",
  "Modality": "MR",
  "MultibandAccelerationFactor": 3,
  "ParallelAcquisitionTechnique": "SMS",
  "PartialFourier": 0.875,
  "PartialFourierDirection": "PHASE",
  "PatientPosition": "HFS",
  "PercentPhaseFOV": 100,
  "PercentSampling": 100,
  "PhaseEncodingDirection": "j-",
  "PhaseResolution": 1,
  "PixelBandwidth": 2480,
  "ProcedureStepDescription": "N.Golestani Al_Ir",
  "ProtocolName": "func-bold_afid-alpha_task-rest",
  "PulseSequenceDetails": "%SiemensSeq%\\ep2d_bold",
  "ReceiveCoilActiveElements": "HC1-7",
  "ReceiveCoilName": "HeadNeck_64",
  "ReconMatrixPE": 112,
  "RefLinesPE": 23,
  "RepetitionTime": 2,
  "ScanningSequence": "EP",
  "SequenceVariant": "SK",
  "SeriesDescription": "func-bold_afid-alpha_task-rest",
  "SeriesNumber": 14,
  "ShimSetting": [-1311, -11690, 6399, 514, 274, -265, 96, 132],
  "SliceThickness": 2,
  "SliceTiming": [1.485, 0, 0.99, 0.0825, 1.0725, 0.165, 1.155, 0.2475, 1.2375, 0.33, 1.32, 0.4125, 1.4025, 0.5775, 1.5675, 0.66, 1.65, 0.7425, 1.7325, 0.825, 1.815, 0.9075, 1.8975, 0.495, 1.485, 0, 0.99, 0.0825, 1.0725, 0.165, 1.155, 0.2475, 1.2375, 0.33, 1.32, 0.4125, 1.4025, 0.5775, 1.5675, 0.66, 1.65, 0.7425, 1.7325, 0.825, 1.815, 0.9075, 1.8975, 0.495, 1.485, 0, 0.99, 0.0825, 1.0725, 0.165, 1.155, 0.2475, 1.2375, 0.33, 1.32, 0.4125, 1.4025, 0.5775, 1.5675, 0.66, 1.65, 0.7425, 1.7325, 0.825, 1.815, 0.9075, 1.8975, 0.495],
  "SoftwareVersions": "syngo MR XA30",
  "SpacingBetweenSlices": 2,
  "StationName": "AWP66054",
  "TaskName": "rest",
  "TotalReadoutTime": 0.0610491,
  "TxRefAmp": 233.396}