{
  "AcquisitionMatrixPE": 92,
  "AcquisitionNumber": 1,
  "AcquisitionTime": "14:48:39.545000",
  "BaseResolution": 92,
  "BodyPartExamined": "BRAIN",
  "CoilCombinationMethod": "Sum of Squares",
  "CoilString": "HeadNeck_64",
  "ConversionSoftware": "dcm2niix",
  "ConversionSoftwareVersion": "v1.0.20220505",
  "DeviceSerialNumber": "66054",
  "EchoNumber": 2,
  "EchoTime": 0.00738,
  "EchoTime1": 0.00492,
  "EchoTime2": 0.00738,
  "FlipAngle": 60,
  "HeudiconvVersion": "0.11.6.post31+g24f4d88",
  "ImageOrientationPatientDICOM": [
    1,
    0,
    0,
    0,
    1,
    0
  ],
  "ImageType": [
    "ORIGINAL",
    "PRIMARY",
    "P",
    "NONE",
    "PHASE"
  ],
  "ImagingFrequency": 123.226,
  "InPlanePhaseEncodingDirectionDICOM": "COL",
  "InstitutionAddress": "Chemin des Mines 9,Geneve,District,CH,1211",
  "InstitutionName": "Fondation Campus Biotech Geneva",
  "IntendedFor": [
    "bids::sub-pp168/ses-01/dwi/sub-pp168_ses-01_dwi.nii.gz"
  ],
  "MRAcquisitionType": "2D",
  "MTState": false,
  "MagneticFieldStrength": 3,
  "Manufacturer": "Siemens",
  "ManufacturersModelName": "MAGNETOM Prisma",
  "MatrixCoilMode": "SENSE",
  "Modality": "MR",
  "PartialFourier": 1,
  "PatientPosition": "HFS",
  "PercentPhaseFOV": 100,
  "PercentSampling": 100,
  "PhaseEncodingDirection": "j-",
  "PhaseResolution": 1,
  "PixelBandwidth": 597,
  "ProcedureStepDescription": "N.Golestani Al_Ir",
  "ProtocolName": "fmap_fid-beta",
  "PulseSequenceDetails": "%SiemensSeq%\\gre_field_mapping",
  "ReceiveCoilActiveElements": "HC1-6",
  "ReceiveCoilName": "HeadNeck_64",
  "ReconMatrixPE": 92,
  "RepetitionTime": 0.923,
  "ScanningSequence": "GR",
  "SequenceVariant": "SP",
  "SeriesDescription": "fmap_fid-beta",
  "SeriesNumber": 56,
  "ShimSetting": [
    -1296,
    -11705,
    6282,
    404,
    169,
    -226,
    2,
    156
  ],
  "SliceThickness": 2,
  "SliceTiming": [
    0.46,
    0,
    0.4725,
    0.0125,
    0.485,
    0.025,
    0.4975,
    0.0375,
    0.5125,
    0.05,
    0.525,
    0.0625,
    0.5375,
    0.0750001,
    0.55,
    0.0900001,
    0.5625,
    0.1025,
    0.575,
    0.115,
    0.5875,
    0.1275,
    0.6,
    0.14,
    0.615,
    0.1525,
    0.6275,
    0.165,
    0.64,
    0.1775,
    0.6525,
    0.1925,
    0.665,
    0.205,
    0.6775,
    0.2175,
    0.69,
    0.23,
    0.7025,
    0.2425,
    0.7175,
    0.255,
    0.73,
    0.2675,
    0.7425,
    0.28,
    0.755,
    0.295,
    0.7675,
    0.3075,
    0.78,
    0.32,
    0.7925,
    0.3325,
    0.805,
    0.345,
    0.82,
    0.3575,
    0.8325,
    0.37,
    0.845,
    0.3825,
    0.8575,
    0.395,
    0.87,
    0.41,
    0.8825,
    0.4225,
    0.895,
    0.435,
    0.9075,
    0.4475
  ],
  "SoftwareVersions": "syngo MR XA30",
  "SpacingBetweenSlices": 2,
  "StationName": "AWP66054",
  "TxRefAmp": 220.365
}