{
  "AcquisitionMatrixPE": 240,
  "AcquisitionNumber": 1,
  "AcquisitionTime": "12:36:28.827500",
  "BaseResolution": 256,
  "BodyPartExamined": "BRAIN",
  "CoilCombinationMethod": "Adaptive Combine",
  "CoilString": "HeadNeck_64",
  "ConversionSoftware": "dcm2niix",
  "ConversionSoftwareVersion": "v1.0.20220505",
  "DeviceSerialNumber": "66054",
  "EchoTime": 0.00326,
  "FlipAngle": 9,
  "HeudiconvVersion": "0.11.6.post31+g24f4d88",
  "ImageOrientationPatientDICOM": [-0.0742211, 0.99724, -0.00192424, 0.0271162, 8.93145e-05, -0.999632],
  "ImageType": [
    "ORIGINAL",
    "PRIMARY",
    "M",
    "NONE"
],
  "ImagingFrequency": 123.226,
  "InPlanePhaseEncodingDirectionDICOM": "ROW",
  "InstitutionAddress": "Chemin des Mines 9,Geneve,District,CH,1211",
  "InstitutionName": "Fondation Campus Biotech Geneva",
  "InversionTime": 0.9,
  "MRAcquisitionType": "3D",
  "MTState": false,
  "MagneticFieldStrength": 3,
  "Manufacturer": "Siemens",
  "ManufacturersModelName": "MAGNETOM Prisma",
  "MatrixCoilMode": "SENSE",
  "Modality": "MR",
  "PartialFourier": 1,
  "PatientPosition": "HFS",
  "PercentPhaseFOV": 93.75,
  "PercentSampling": 100,
  "PhaseResolution": 1,
  "PixelBandwidth": 238,
  "ProcedureStepDescription": "N.Golestani Al_Ir",
  "ProtocolName": "anat-T1w_acq-MPRAGE_acq-WIP925Bx1D0ISOxACC4X",
  "PulseSequenceDetails": "%CustomerSeq%\\wip_csTFL_cstfl",
  "ReceiveCoilActiveElements": "HC1-7;NC1",
  "ReceiveCoilName": "HeadNeck_64",
  "ReconMatrixPE": 240,
  "RefLinesPE": 32,
  "RepetitionTime": 2.3,
  "ScanningSequence": "GR\\IR",
  "SequenceVariant": "SK\\SP\\MP",
  "SeriesDescription": "anat-T1w_acq-MPRAGE_acq-WIP925Bx1D0ISOxACC4X",
  "SeriesNumber": 13,
  "ShimSetting": [-1291, -11682, 6175, 22, 268, 32, -19, 54],
  "SliceThickness": 1,
  "SoftwareVersions": "syngo MR XA30",
  "StationName": "AWP66054",
  "TxRefAmp": 221.604,
  "WipMemBlock": "WIP_Identifier: WIP#NX19"
}