{
  "AcquisitionMatrixPE": 150,
  "AcquisitionNumber": 1,
  "AcquisitionTime": "14:42:28.742500",
  "BandwidthPerPixelPhaseEncode": 26.316,
  "BaseResolution": 150,
  "BodyPartExamined": "BRAIN",
  "CoilCombinationMethod": "Adaptive Combine",
  "CoilString": "HeadNeck_64",
  "ConversionSoftware": "dcm2niix",
  "ConversionSoftwareVersion": "v1.0.20220505",
  "DerivedVendorReportedEchoSpacing": 0.000759994,
  "DeviceSerialNumber": "66054",
  "DiffusionScheme": "Monopolar",
  "EchoTime": 0.074,
  "EchoTrainLength": 44,
  "EffectiveEchoSpacing": 0.000253331,
  "FlipAngle": 90,
  "HeudiconvVersion": "0.11.6.post31+g24f4d88",
  "ImageOrientationPatientDICOM": [1, 0, 0, 0, 1, 0],
  "ImageType": [
    "ORIGINAL",
    "PRIMARY",
    "DIFFUSION",
    "NONE"
],
  "ImagingFrequency": 123.226,
  "InPlanePhaseEncodingDirectionDICOM": "COL",
  "InstitutionAddress": "Chemin des Mines 9,Geneve,District,CH,1211",
  "InstitutionName": "Fondation Campus Biotech Geneva",
  "MRAcquisitionType": "2D",
  "MTState": false,
  "MagneticFieldStrength": 3,
  "Manufacturer": "Siemens",
  "ManufacturersModelName": "MAGNETOM Prisma",
  "Modality": "MR",
  "MultibandAccelerationFactor": 2,
  "ParallelAcquisitionTechnique": "SMS",
  "ParallelReductionFactorInPlane": 3,
  "PartialFourier": 0.875,
  "PartialFourierDirection": "PHASE",
  "PatientPosition": "HFS",
  "PercentPhaseFOV": 100,
  "PercentSampling": 100,
  "PhaseEncodingDirection": "j-",
  "PhaseResolution": 1,
  "PixelBandwidth": 1515,
  "ProcedureStepDescription": "N.Golestani Al_Ir",
  "ProtocolName": "dwi_acq-B2850x1D5MMISO_afid-beta",
  "PulseSequenceDetails": "%SiemensSeq%\\ep2d_diff",
  "ReceiveCoilActiveElements": "HC1-6",
  "ReceiveCoilName": "HeadNeck_64",
  "ReconMatrixPE": 150,
  "RefLinesPE": 45,
  "RepetitionTime": 6.7,
  "ScanningSequence": "EP",
  "SequenceVariant": "SK\\SP",
  "SeriesDescription": "dwi_acq-B2850x1D5MMISO_afid-beta",
  "SeriesNumber": 49,
  "ShimSetting": [-1276, -11660, 6362, 239, 220, -216, -122, 18],
  "SliceThickness": 1.5,
  "SliceTiming": [0, 3.4125, 0.1425, 3.5525, 0.285, 3.695, 0.4275, 3.8375, 0.57, 3.98, 0.71, 4.1225, 0.8525, 4.265, 0.995, 4.4075, 1.1375, 4.5475, 1.28, 4.69, 1.4225, 4.8325, 1.565, 4.975, 1.705, 5.1175, 1.8475, 5.26, 1.99, 5.4, 2.1325, 5.5425, 2.275, 5.685, 2.4175, 5.8275, 2.5575, 5.97, 2.7, 6.1125, 2.8425, 6.255, 2.985, 6.395, 3.1275, 6.5375, 3.27, 0, 3.4125, 0.1425, 3.5525, 0.285, 3.695, 0.4275, 3.8375, 0.57, 3.98, 0.71, 4.1225, 0.8525, 4.265, 0.995, 4.4075, 1.1375, 4.5475, 1.28, 4.69, 1.4225, 4.8325, 1.565, 4.975, 1.705, 5.1175, 1.8475, 5.26, 1.99, 5.4, 2.1325, 5.5425, 2.275, 5.685, 2.4175, 5.8275, 2.5575, 5.97, 2.7, 6.1125, 2.8425, 6.255, 2.985, 6.395, 3.1275, 6.5375, 3.27],
  "SoftwareVersions": "syngo MR XA30",
  "SpacingBetweenSlices": 1.5,
  "StationName": "AWP66054",
  "TotalReadoutTime": 0.0377464,
  "TxRefAmp": 225.862}