{
	"Modality": "MR",
	"MagneticFieldStrength": 3,
	"ImagingFrequency": 123.226,
	"Manufacturer": "Siemens",
	"ManufacturersModelName": "MAGNETOM_Prisma",
	"InstitutionName": "Fondation_Campus_Biotech_Geneva",
	"InstitutionAddress": "Chemin_des_Mines_9_Geneve_District_CH_1211",
	"DeviceSerialNumber": "66054",
	"StationName": "AWP66054",
	"SeriesInstanceUID": "1.3.12.2.1107.5.2.43.66054.2022120612435596485754106.0.0.0",
	"StudyInstanceUID": "1.3.12.2.1107.5.2.43.66054.30000022120608314571800000007",
	"StudyID": "df536ad7-0ad0-43",
	"PatientName": "NG_Aptitude_pp067",
	"PatientID": "041874",
	"PatientBirthDate": "1999-01-01",
	"PatientSex": "M",
	"PatientWeight": 77,
	"BodyPartExamined": "HEAD",
	"PatientPosition": "HFS",
	"ProcedureStepDescription": "N.Golestani_Al_Ir",
	"SoftwareVersions": "syngo_MR_XA30",
	"MRAcquisitionType": "3D",
	"SeriesDescription": "anat-T1w_acq-MPRAGE_acq-WIP925Bx1D0ISOxACC4X",
	"ProtocolName": "anat-T1w_acq-MPRAGE_acq-WIP925Bx1D0ISOxACC4X",
	"SequenceVariant": "SK_SP_MP",
	"ImageType": ["ORIGINAL", "PRIMARY", "M", "NONE"],
	"SeriesNumber": 15,
	"AcquisitionTime": "12:44:3.960000",
	"AcquisitionDateTime": "2022-12-06T12:44:3.960000",
	"AcquisitionNumber": 1,
	"SliceThickness": 1,
	"EchoTime": 0.00326,
	"RepetitionTime": 2.3,
	"FlipAngle": 9,
	"ReceiveCoilActiveElements": "HC1-7;NC1_2",
	"CoilString": "HeadNeck_64",
	"PercentPhaseFOV": 93.75,
	"AcquisitionMatrixPE": 240,
	"ReconMatrixPE": 240,
	"PixelBandwidth": 238,
	"ImageOrientationPatientDICOM": [
		0.0307741,
		0.99951,
		0.00580327,
		-0.0533175,
		0.0074393,
		-0.99855	],
	"InPlanePhaseEncodingDirectionDICOM": "ROW",
	"ConversionSoftware": "dcm2niix",
	"ConversionSoftwareVersion": "v1.0.20190902"
}
