{
  "AcquisitionDuration": 111.875,
  "AcquisitionMatrixPE": 240,
  "AcquisitionNumber": 1,
  "AcquisitionTime": "13:15:54.932500",
  "BaseResolution": 256,
  "BodyPartExamined": "HEAD",
  "CoilCombinationMethod": "Adaptive Combine",
  "CoilString": "HeadNeck_64",
  "ConversionSoftware": "dcm2niix",
  "ConversionSoftwareVersion": "v1.0.20220720",
  "DeviceSerialNumber": "66054",
  "DwellTime": 8.2e-06,
  "EchoTime": 0.00326,
  "FlipAngle": 9,
  "HeudiconvVersion": "0.11.6",
  "ImageOrientationPatientDICOM": [0.0326624, 0.991946, 0.122379, -0.00852552, 0.122717, -0.992405],
  "ImageType": [
    "ORIGINAL",
    "PRIMARY",
    "M",
    "NONE"
],
  "ImageTypeText": [
    "ORIGINAL",
    "PRIMARY",
    "M",
    "NORM",
    "DIS3D",
    "DIS2D"
],
  "ImagingFrequency": 123.226,
  "InPlanePhaseEncodingDirectionDICOM": "ROW",
  "InstitutionAddress": "Chemin des Mines 9,Geneve,District,CH,1211",
  "InstitutionName": "Fondation Campus Biotech Geneva",
  "InversionTime": 0.9,
  "MRAcquisitionType": "3D",
  "MTState": false,
  "MagneticFieldStrength": 3,
  "Manufacturer": "Siemens",
  "ManufacturersModelName": "MAGNETOM Prisma",
  "MatrixCoilMode": "SENSE",
  "Modality": "MR",
  "NonlinearGradientCorrection": true,
  "PartialFourier": 1,
  "PatientPosition": "HFS",
  "PercentPhaseFOV": 93.75,
  "PercentSampling": 100,
  "PhaseResolution": 1,
  "PixelBandwidth": 238,
  "ProcedureStepDescription": "N.Golestani Al_Ir",
  "ProtocolName": "anat-T1w_acq-MPRAGE_acq-WIP925Bx1D0ISOxACC4X",
  "PulseSequenceDetails": "%CustomerSeq%\\wip_csTFL_cstfl",
  "PulseSequenceName": "WIP_tfl3d1_16ns",
  "ReceiveCoilActiveElements": "HC1-7;NC1,2",
  "ReceiveCoilName": "HeadNeck_64",
  "ReconMatrixPE": 240,
  "RefLinesPE": 32,
  "RepetitionTime": 2.3,
  "ScanOptions": "IR",
  "ScanningSequence": "GR\\IR",
  "SequenceVariant": "SK\\SP\\MP",
  "SeriesDescription": "anat-T1w_acq-MPRAGE_acq-WIP925Bx1D0ISOxACC4X",
  "SeriesNumber": 5,
  "ShimSetting": [-1292, -11680, 6170, 17, 274, 33, -21, 60],
  "SliceThickness": 1,
  "SoftwareVersions": "syngo MR XA30",
  "StationName": "AWP66054",
  "TxRefAmp": 217.359,
  "WipMemBlock": "WIP_Identifier: WIP#NX19"
}