{
  "AcquisitionDuration": 611.897,
  "AcquisitionMatrixPE": 112,
  "AcquisitionNumber": 1,
  "AcquisitionTime": "10:40:33.740000",
  "BandwidthPerPixelPhaseEncode": 16.234,
  "BaseResolution": 112,
  "BodyPartExamined": "BRAIN",
  "CoilCombinationMethod": "Sum of Squares",
  "CoilString": "HeadNeck_64",
  "ConversionSoftware": "dcm2niix",
  "ConversionSoftwareVersion": "v1.0.20220720",
  "DerivedVendorReportedEchoSpacing": 0.000549992,
  "DeviceSerialNumber": "66054",
  "DwellTime": 1.8e-06,
  "EchoTime": 0.032,
  "EchoTrainLength": 98,
  "EffectiveEchoSpacing": 0.000549992,
  "FlipAngle": 75,
  "HeudiconvVersion": "0.11.6",
  "ImageOrientationPatientDICOM": [0.99943, 0.00542403, 0.0333164, 1.05807e-08, 0.987005, -0.160689],
  "ImageType": [
    "ORIGINAL",
    "PRIMARY",
    "FMRI",
    "NONE"
],
  "ImageTypeText": [
    "ORIGINAL",
    "PRIMARY",
    "M",
    "ND",
    "NORM"
],
  "ImagingFrequency": 123.226,
  "InPlanePhaseEncodingDirectionDICOM": "COL",
  "InstitutionAddress": "Chemin des Mines 9,Geneve,District,CH,1211",
  "InstitutionName": "Fondation Campus Biotech Geneva",
  "MRAcquisitionType": "2D",
  "MTState": false,
  "MagneticFieldStrength": 3,
  "Manufacturer": "Siemens",
  "ManufacturersModelName": "MAGNETOM Prisma",
  "Modality": "MR",
  "MultibandAccelerationFactor": 3,
  "NonlinearGradientCorrection": false,
  "ParallelAcquisitionTechnique": "SMS",
  "PartialFourier": 0.875,
  "PartialFourierDirection": "PHASE",
  "PatientPosition": "HFS",
  "PercentPhaseFOV": 100,
  "PercentSampling": 100,
  "PhaseEncodingDirection": "j-",
  "PhaseResolution": 1,
  "PixelBandwidth": 2480,
  "ProcedureStepDescription": "N.Golestani Al_Ir",
  "ProtocolName": "func-bold_afid-alpha_task-rest",
  "PulseSequenceDetails": "%SiemensSeq%\\ep2d_bold",
  "PulseSequenceName": "*epfid2d1_112",
  "ReceiveCoilActiveElements": "HC1-7",
  "ReceiveCoilName": "HeadNeck_64",
  "ReconMatrixPE": 112,
  "RefLinesPE": 23,
  "RepetitionTime": 2,
  "ScanOptions": "PFP\\FS",
  "ScanningSequence": "EP",
  "SequenceVariant": "SK",
  "SeriesDescription": "func-bold_afid-alpha_task-rest",
  "SeriesNumber": 16,
  "ShimSetting": [-1257, -11572, 6350, 563, 427, 138, -138, -27],
  "SliceThickness": 2,
  "SliceTiming": [1.485, 0, 0.99, 0.0825, 1.0725, 0.165, 1.155, 0.2475, 1.2375, 0.33, 1.32, 0.4125, 1.4025, 0.5775, 1.5675, 0.66, 1.65, 0.7425, 1.7325, 0.825, 1.815, 0.9075, 1.8975, 0.495, 1.485, 0, 0.99, 0.0825, 1.0725, 0.165, 1.155, 0.2475, 1.2375, 0.33, 1.32, 0.4125, 1.4025, 0.5775, 1.5675, 0.66, 1.65, 0.7425, 1.7325, 0.825, 1.815, 0.9075, 1.8975, 0.495, 1.485, 0, 0.99, 0.0825, 1.0725, 0.165, 1.155, 0.2475, 1.2375, 0.33, 1.32, 0.4125, 1.4025, 0.5775, 1.5675, 0.66, 1.65, 0.7425, 1.7325, 0.825, 1.815, 0.9075, 1.8975, 0.495],
  "SoftwareVersions": "syngo MR XA30",
  "SpacingBetweenSlices": 2,
  "StationName": "AWP66054",
  "TaskName": "rest",
  "TotalReadoutTime": 0.0610491,
  "TxRefAmp": 232.992}