{
  "AcquisitionDuration": 168.895,
  "AcquisitionMatrixPE": 92,
  "AcquisitionNumber": 1,
  "AcquisitionTime": "12:02:26.577500",
  "BaseResolution": 92,
  "BodyPartExamined": "BRAIN",
  "CoilCombinationMethod": "Sum of Squares",
  "CoilString": "HeadNeck_64",
  "ConversionSoftware": "dcm2niix",
  "ConversionSoftwareVersion": "v1.0.20220720",
  "DeviceSerialNumber": "66054",
  "DwellTime": 9.1e-06,
  "EchoNumber": 1,
  "EchoTime": 0.00492,
  "FlipAngle": 60,
  "HeudiconvVersion": "0.11.6",
  "ImageOrientationPatientDICOM": [
    1,
    0,
    0,
    0,
    1,
    0
  ],
  "ImageType": [
    "ORIGINAL",
    "PRIMARY",
    "M",
    "NONE"
  ],
  "ImageTypeText": [
    "ORIGINAL",
    "PRIMARY",
    "M",
    "DIS2D"
  ],
  "ImagingFrequency": 123.226,
  "InPlanePhaseEncodingDirectionDICOM": "COL",
  "InstitutionAddress": "Chemin des Mines 9,Geneve,District,CH,1211",
  "InstitutionName": "Fondation Campus Biotech Geneva",
  "IntendedFor": [
    "bids::sub-pp094/ses-01/dwi/sub-pp094_ses-01_dwi.nii.gz"
  ],
  "MRAcquisitionType": "2D",
  "MTState": false,
  "MagneticFieldStrength": 3,
  "Manufacturer": "Siemens",
  "ManufacturersModelName": "MAGNETOM Prisma",
  "MatrixCoilMode": "SENSE",
  "Modality": "MR",
  "NonlinearGradientCorrection": true,
  "PartialFourier": 1,
  "PatientPosition": "HFS",
  "PercentPhaseFOV": 100,
  "PercentSampling": 100,
  "PhaseEncodingDirection": "j-",
  "PhaseResolution": 1,
  "PixelBandwidth": 597,
  "ProcedureStepDescription": "N.Golestani Al_Ir",
  "ProtocolName": "fmap_fid-beta",
  "PulseSequenceDetails": "%SiemensSeq%\\gre_field_mapping",
  "PulseSequenceName": "*fm2d2r",
  "ReceiveCoilActiveElements": "HC1-6",
  "ReceiveCoilName": "HeadNeck_64",
  "ReconMatrixPE": 92,
  "RepetitionTime": 0.923,
  "ScanningSequence": "GR",
  "SequenceVariant": "SP",
  "SeriesDescription": "fmap_fid-beta",
  "SeriesNumber": 67,
  "ShimSetting": [
    -1286,
    -11667,
    6455,
    446,
    287,
    -99,
    49,
    86
  ],
  "SliceThickness": 2,
  "SliceTiming": [
    0.4625,
    0,
    0.475,
    0.0125,
    0.4875,
    0.025,
    0.5,
    0.04,
    0.5125,
    0.0525,
    0.525,
    0.065,
    0.5375,
    0.0775,
    0.5525,
    0.09,
    0.565,
    0.1025,
    0.5775,
    0.115,
    0.59,
    0.1275,
    0.6025,
    0.1425,
    0.615,
    0.155,
    0.6275,
    0.1675,
    0.64,
    0.18,
    0.655,
    0.1925,
    0.6675,
    0.205,
    0.68,
    0.2175,
    0.6925,
    0.23,
    0.705,
    0.245,
    0.7175,
    0.2575,
    0.73,
    0.27,
    0.7425,
    0.2825,
    0.7575,
    0.295,
    0.77,
    0.3075,
    0.7825,
    0.32,
    0.795,
    0.3325,
    0.8075,
    0.3475,
    0.82,
    0.36,
    0.8325,
    0.3725,
    0.845,
    0.385,
    0.86,
    0.3975,
    0.8725,
    0.41,
    0.885,
    0.4225,
    0.8975,
    0.435,
    0.91,
    0.45
  ],
  "SoftwareVersions": "syngo MR XA30",
  "SpacingBetweenSlices": 2,
  "StationName": "AWP66054",
  "TxRefAmp": 238.713
}