{
    "AcquisitionMatrixPE": 92,
    "AcquisitionNumber": 1,
    "AcquisitionTime": "14:15:39.772500",
    "BaseResolution": 92,
    "BodyPartExamined": "BRAIN",
    "CoilCombinationMethod": "Sum of Squares",
    "CoilString": "HeadNeck_64",
    "ConversionSoftware": "dcm2niix",
    "ConversionSoftwareVersion": "v1.0.20220505",
    "DeviceSerialNumber": "66054",
    "EchoNumber": 2,
    "EchoTime": 0.00738,
    "FlipAngle": 60,
    "HeudiconvVersion": "0.11.6.post31+g24f4d88",
    "ImageOrientationPatientDICOM": [
        1,
        9.14888e-08,
        9.95806e-07,
        -4.884e-12,
        0.995807,
        -0.091484
    ],
    "ImageType": [
        "ORIGINAL",
        "PRIMARY",
        "M",
        "NONE"
    ],
    "ImagingFrequency": 123.226,
    "InPlanePhaseEncodingDirectionDICOM": "ROW",
    "InstitutionAddress": "Chemin des Mines 9,Geneve,District,CH,1211",
    "InstitutionName": "Fondation Campus Biotech Geneva",
    "IntendedFor": [
        "bids::sub-pp114/ses-01/func/sub-pp114_ses-01_task-rest_run-001_bold.nii.gz",
        "bids::sub-pp114/ses-01/func/sub-pp114_ses-01_task-aliceloc_run-001_bold.nii.gz",
        "bids::sub-pp114/ses-01/func/sub-pp114_ses-01_task-aliceloc_run-002_bold.nii.gz",
        "bids::sub-pp114/ses-01/func/sub-pp114_ses-01_task-aliceloc_run-003_bold.nii.gz"
    ],
    "MRAcquisitionType": "2D",
    "MTState": false,
    "MagneticFieldStrength": 3,
    "Manufacturer": "Siemens",
    "ManufacturersModelName": "MAGNETOM Prisma",
    "MatrixCoilMode": "SENSE",
    "Modality": "MR",
    "PartialFourier": 1,
    "PatientPosition": "HFS",
    "PercentPhaseFOV": 100,
    "PercentSampling": 100,
    "PhaseEncodingDirection": "i",
    "PhaseResolution": 1,
    "PixelBandwidth": 597,
    "ProcedureStepDescription": "N.Golestani Al_Ir",
    "ProtocolName": "fmap_fid-alpha",
    "PulseSequenceDetails": "%SiemensSeq%\\gre_field_mapping",
    "ReceiveCoilActiveElements": "HC1-6",
    "ReceiveCoilName": "HeadNeck_64",
    "ReconMatrixPE": 92,
    "RepetitionTime": 0.707,
    "ScanningSequence": "GR",
    "SequenceVariant": "SP",
    "SeriesDescription": "fmap_fid-alpha",
    "SeriesNumber": 25,
    "ShimSetting": [
        -1306,
        -11601,
        6340,
        451,
        159,
        154,
        7,
        93
    ],
    "SliceThickness": 2,
    "SliceTiming": [
        0.3525,
        0,
        0.3625,
        0.01,
        0.3725,
        0.02,
        0.3825,
        0.0275,
        0.3925,
        0.0375,
        0.4025,
        0.0475,
        0.41,
        0.0575,
        0.42,
        0.0675,
        0.43,
        0.0775,
        0.44,
        0.0875,
        0.45,
        0.0975,
        0.46,
        0.1075,
        0.47,
        0.1175,
        0.48,
        0.1275,
        0.49,
        0.1375,
        0.5,
        0.1475,
        0.51,
        0.155,
        0.52,
        0.165,
        0.53,
        0.175,
        0.5375,
        0.185,
        0.5475,
        0.195,
        0.5575,
        0.205,
        0.5675,
        0.215,
        0.5775,
        0.225,
        0.5875,
        0.235,
        0.5975,
        0.245,
        0.6075,
        0.255,
        0.6175,
        0.265,
        0.6275,
        0.275,
        0.6375,
        0.2825,
        0.6475,
        0.2925,
        0.6575,
        0.3025,
        0.665,
        0.3125,
        0.675,
        0.3225,
        0.685,
        0.3325,
        0.695,
        0.3425
    ],
    "SoftwareVersions": "syngo MR XA30",
    "SpacingBetweenSlices": 2,
    "StationName": "AWP66054",
    "TxRefAmp": 229.533
}