{
  "AcquisitionDuration": 168.894,
  "AcquisitionMatrixPE": 92,
  "AcquisitionNumber": 1,
  "AcquisitionTime": "11:35:55.585000",
  "BaseResolution": 92,
  "BodyPartExamined": "BRAIN",
  "CoilCombinationMethod": "Sum of Squares",
  "CoilString": "HeadNeck_64",
  "ConversionSoftware": "dcm2niix",
  "ConversionSoftwareVersion": "v1.0.20220720",
  "DeviceSerialNumber": "66054",
  "DwellTime": 9.1e-06,
  "EchoNumber": 1,
  "EchoTime": 0.00492,
  "FlipAngle": 60,
  "HeudiconvVersion": "0.11.6",
  "ImageOrientationPatientDICOM": [
    1,
    0,
    0,
    0,
    1,
    0
  ],
  "ImageType": [
    "ORIGINAL",
    "PRIMARY",
    "M",
    "NONE"
  ],
  "ImageTypeText": [
    "ORIGINAL",
    "PRIMARY",
    "M",
    "DIS2D"
  ],
  "ImagingFrequency": 123.226,
  "InPlanePhaseEncodingDirectionDICOM": "COL",
  "InstitutionAddress": "Chemin des Mines 9,Geneve,District,CH,1211",
  "InstitutionName": "Fondation Campus Biotech Geneva",
  "IntendedFor": [
    "bids::sub-pp072/ses-01/dwi/sub-pp072_ses-01_dwi.nii.gz"
  ],
  "MRAcquisitionType": "2D",
  "MTState": false,
  "MagneticFieldStrength": 3,
  "Manufacturer": "Siemens",
  "ManufacturersModelName": "MAGNETOM Prisma",
  "MatrixCoilMode": "SENSE",
  "Modality": "MR",
  "NonlinearGradientCorrection": true,
  "PartialFourier": 1,
  "PatientPosition": "HFS",
  "PercentPhaseFOV": 100,
  "PercentSampling": 100,
  "PhaseEncodingDirection": "j-",
  "PhaseResolution": 1,
  "PixelBandwidth": 597,
  "ProcedureStepDescription": "N.Golestani Al_Ir",
  "ProtocolName": "fmap_fid-beta",
  "PulseSequenceDetails": "%SiemensSeq%\\gre_field_mapping",
  "PulseSequenceName": "*fm2d2r",
  "ReceiveCoilActiveElements": "HC1-6",
  "ReceiveCoilName": "HeadNeck_64",
  "ReconMatrixPE": 92,
  "RepetitionTime": 0.923,
  "ScanningSequence": "GR",
  "SequenceVariant": "SP",
  "SeriesDescription": "fmap_fid-beta",
  "SeriesNumber": 55,
  "ShimSetting": [
    -1296,
    -11622,
    6380,
    354,
    217,
    -80,
    -36,
    62
  ],
  "SliceThickness": 2,
  "SliceTiming": [
    0.46,
    0,
    0.475,
    0.0125,
    0.4875,
    0.025,
    0.5,
    0.0375,
    0.5125,
    0.05,
    0.525,
    0.065,
    0.5375,
    0.0775,
    0.55,
    0.09,
    0.5625,
    0.1025,
    0.5775,
    0.115,
    0.59,
    0.1275,
    0.6025,
    0.14,
    0.615,
    0.1525,
    0.6275,
    0.1675,
    0.64,
    0.18,
    0.6525,
    0.1925,
    0.665,
    0.205,
    0.68,
    0.2175,
    0.6925,
    0.23,
    0.705,
    0.2425,
    0.7175,
    0.255,
    0.73,
    0.27,
    0.7425,
    0.2825,
    0.755,
    0.295,
    0.7675,
    0.3075,
    0.7825,
    0.32,
    0.795,
    0.3325,
    0.8075,
    0.345,
    0.82,
    0.3575,
    0.8325,
    0.3725,
    0.845,
    0.385,
    0.8575,
    0.3975,
    0.87,
    0.41,
    0.885,
    0.4225,
    0.8975,
    0.435,
    0.91,
    0.4475
  ],
  "SoftwareVersions": "syngo MR XA30",
  "SpacingBetweenSlices": 2,
  "StationName": "AWP66054",
  "TxRefAmp": 254.041
}